PATH
  remote: .
  specs:
    hawking (0.3)
      json_pure (>= 1.8)

GEM
  remote: https://rubygems.org/
  specs:
    diff-lcs (1.2.5)
    json_pure (1.8.1)
    rake (10.3.2)
    rspec (3.1.0)
      rspec-core (~> 3.1.0)
      rspec-expectations (~> 3.1.0)
      rspec-mocks (~> 3.1.0)
    rspec-core (3.1.7)
      rspec-support (~> 3.1.0)
    rspec-expectations (3.1.2)
      diff-lcs (>= 1.2.0, < 2.0)
      rspec-support (~> 3.1.0)
    rspec-mocks (3.1.3)
      rspec-support (~> 3.1.0)
    rspec-support (3.1.2)

PLATFORMS
  ruby

DEPENDENCIES
  hawking!
  rake
  rspec (>= 3.1.0)
