PATH
  remote: .
  specs:
    hawking (0.2)
      json_pure

GEM
  remote: https://rubygems.org/
  specs:
    diff-lcs (1.2.5)
    json_pure (1.8.1)
    rake (10.1.0)
    rspec (2.14.1)
      rspec-core (~> 2.14.0)
      rspec-expectations (~> 2.14.0)
      rspec-mocks (~> 2.14.0)
    rspec-core (2.14.7)
    rspec-expectations (2.14.4)
      diff-lcs (>= 1.1.3, < 2.0)
    rspec-mocks (2.14.4)

PLATFORMS
  ruby

DEPENDENCIES
  hawking!
  rake
  rspec
